GEM
  remote: http://rubygems.org/
  specs:
    minitest (5.3.1)

PLATFORMS
  ruby

DEPENDENCIES
  minitest (~> 5.3)
