GEM
  remote: http://rubygems.org/
  specs:
    docile (1.1.5)
    flog (4.3.0)
      ruby_parser (~> 3.1, > 3.1.0)
      sexp_processor (~> 4.4)
    minitest (5.3.1)
    multi_json (1.10.1)
    ruby_parser (3.6.2)
      sexp_processor (~> 4.1)
    sexp_processor (4.4.4)
    simplecov (0.9.0)
      docile (~> 1.1.0)
      multi_json
      simplecov-html (~> 0.8.0)
    simplecov-html (0.8.0)

PLATFORMS
  ruby

DEPENDENCIES
  flog (~> 4.3)
  minitest (~> 5.3)
  simplecov (~> 0.9.0)
